GEM
  remote: https://rubygems.org/
  specs:
    activesupport (7.0.4.2)
      concurrent-ruby (~> 1.0, >= 1.0.2)
      i18n (>= 1.6, < 2)
      minitest (>= 5.1)
      tzinfo (~> 2.0)
    coderay (1.1.3)
    concurrent-ruby (1.2.0)
    domain_name (0.5.20190701)
      unf (>= 0.0.5, < 1.0.0)
    et-orbi (1.2.7)
      tzinfo
    fugit (1.8.1)
      et-orbi (~> 1, >= 1.2.7)
      raabro (~> 1.4)
    http-accept (1.7.0)
    http-cookie (1.0.5)
      domain_name (~> 0.5)
    i18n (1.12.0)
      concurrent-ruby (~> 1.0)
    influxdb (0.8.1)
    method_source (1.0.0)
    mime-types (3.4.1)
      mime-types-data (~> 3.2015)
    mime-types-data (3.2022.0105)
    minitest (5.17.0)
    net (0.3.3)
      activesupport
    netrc (0.11.0)
    pry (0.14.2)
      coderay (~> 1.1)
      method_source (~> 1.0)
    raabro (1.4.0)
    rest-client (2.1.0)
      http-accept (>= 1.7.0, < 2.0)
      http-cookie (>= 1.0.2, < 2.0)
      mime-types (>= 1.16, < 4.0)
      netrc (~> 0.8)
    rufus-scheduler (3.8.2)
      fugit (~> 1.1, >= 1.1.6)
    tzinfo (2.0.6)
      concurrent-ruby (~> 1.0)
    tzinfo-data (1.2022.7)
      tzinfo (>= 1.0.0)
    unf (0.1.4)
      unf_ext
    unf_ext (0.0.8.2)
    uri (0.12.0)
    yaml (0.2.1)

PLATFORMS
  ruby

DEPENDENCIES
  influxdb
  net
  pry
  rest-client
  rufus-scheduler
  tzinfo-data
  uri
  yaml

BUNDLED WITH
   2.1.4
